GIT
  remote: https://github.com/shaunashby/JobUpScraper.git
  revision: 79fb87e7f2ea842993520518d79447f6f7a41ed7
  ref: 79fb87e7
  specs:
    JobUpScraper (0.0.2)
      json
      nokogiri

PATH
  remote: .
  specs:
    JobUpApp (0.0.1)
      bson_ext
      json
      mongo
      nokogiri
      redis
      sinatra

GEM
  remote: https://rubygems.org/
  specs:
    bson (4.3.0)
    bson_ext (1.5.1)
    daemons (1.2.6)
    diff-lcs (1.3)
    eventmachine (1.2.7)
    json (2.1.0)
    mini_portile2 (2.3.0)
    mongo (2.5.3)
      bson (>= 4.3.0, < 5.0.0)
    mustermann (1.0.2)
    nokogiri (1.8.2)
      mini_portile2 (~> 2.3.0)
    rack (2.0.5)
    rack-protection (2.0.1)
      rack
    rack-test (1.0.0)
      rack (>= 1.0, < 3)
    rake (12.3.1)
    redis (4.0.1)
    rspec (3.7.0)
      rspec-core (~> 3.7.0)
      rspec-expectations (~> 3.7.0)
      rspec-mocks (~> 3.7.0)
    rspec-core (3.7.1)
      rspec-support (~> 3.7.0)
    rspec-expectations (3.7.0)
      diff-lcs (>= 1.2.0, < 2.0)
      rspec-support (~> 3.7.0)
    rspec-mocks (3.7.0)
      diff-lcs (>= 1.2.0, < 2.0)
      rspec-support (~> 3.7.0)
    rspec-support (3.7.1)
    sinatra (2.0.1)
      mustermann (~> 1.0)
      rack (~> 2.0)
      rack-protection (= 2.0.1)
      tilt (~> 2.0)
    thin (1.7.2)
      daemons (~> 1.0, >= 1.0.9)
      eventmachine (~> 1.0, >= 1.0.4)
      rack (>= 1, < 3)
    tilt (2.0.8)

PLATFORMS
  ruby

DEPENDENCIES
  JobUpApp!
  JobUpScraper!
  bson_ext
  bundler (~> 1.3)
  json
  mongo
  nokogiri
  rack
  rack-test
  rake
  redis
  rspec
  thin

BUNDLED WITH
   1.16.1
