GIT
  remote: https://github.com/shaunashby/JobUpScraper.git
  revision: 29bb0efb55ed9effcd66253c4e22cbb681e3a069
  ref: 29bb0ef
  specs:
    JobUpScraper (0.0.1)
      json
      nokogiri

PATH
  remote: .
  specs:
    JobUpApp (0.0.1)
      bson_ext
      json
      mongo
      nokogiri
      redis
      sinatra

GEM
  remote: https://rubygems.org/
  specs:
    bson (1.10.2)
    bson_ext (1.10.2)
      bson (~> 1.10.2)
    daemons (1.1.9)
    diff-lcs (1.2.5)
    eventmachine (1.0.3)
    json (1.8.1)
    mini_portile (0.6.0)
    mongo (1.10.2)
      bson (= 1.10.2)
    nokogiri (1.6.3.1)
      mini_portile (= 0.6.0)
    rack (1.5.2)
    rack-protection (1.5.3)
      rack
    rack-test (0.6.2)
      rack (>= 1.0)
    rake (10.3.2)
    redis (3.1.0)
    rspec (3.0.0)
      rspec-core (~> 3.0.0)
      rspec-expectations (~> 3.0.0)
      rspec-mocks (~> 3.0.0)
    rspec-core (3.0.2)
      rspec-support (~> 3.0.0)
    rspec-expectations (3.0.2)
      diff-lcs (>= 1.2.0, < 2.0)
      rspec-support (~> 3.0.0)
    rspec-mocks (3.0.2)
      rspec-support (~> 3.0.0)
    rspec-support (3.0.2)
    sinatra (1.4.5)
      rack (~> 1.4)
      rack-protection (~> 1.4)
      tilt (~> 1.3, >= 1.3.4)
    thin (1.6.2)
      daemons (>= 1.0.9)
      eventmachine (>= 1.0.0)
      rack (>= 1.0.0)
    tilt (1.4.1)

PLATFORMS
  ruby

DEPENDENCIES
  JobUpApp!
  JobUpScraper!
  bson_ext
  bundler (~> 1.3)
  json
  mongo
  nokogiri
  rack
  rack-test
  rake
  redis
  rspec
  thin
