GIT
  remote: https://github.com/shaunashby/JobUpScraper.git
  revision: 79fb87e7f2ea842993520518d79447f6f7a41ed7
  ref: 79fb87e7
  specs:
    JobUpScraper (0.0.2)
      json
      nokogiri

PATH
  remote: .
  specs:
    JobUpApp (0.0.1)
      bson_ext
      json
      mongo
      nokogiri
      redis
      sinatra

GEM
  remote: https://rubygems.org/
  specs:
    bson (1.12.3)
    bson_ext (1.12.3)
      bson (~> 1.12.3)
    daemons (1.2.3)
    diff-lcs (1.2.5)
    eventmachine (1.0.7)
    json (1.8.3)
    mini_portile (0.6.2)
    mongo (1.12.3)
      bson (= 1.12.3)
    nokogiri (1.6.6.2)
      mini_portile (~> 0.6.0)
    rack (1.6.4)
    rack-protection (1.5.3)
      rack
    rack-test (0.6.3)
      rack (>= 1.0)
    rake (10.4.2)
    redis (3.2.1)
    rspec (3.3.0)
      rspec-core (~> 3.3.0)
      rspec-expectations (~> 3.3.0)
      rspec-mocks (~> 3.3.0)
    rspec-core (3.3.1)
      rspec-support (~> 3.3.0)
    rspec-expectations (3.3.0)
      diff-lcs (>= 1.2.0, < 2.0)
      rspec-support (~> 3.3.0)
    rspec-mocks (3.3.1)
      diff-lcs (>= 1.2.0, < 2.0)
      rspec-support (~> 3.3.0)
    rspec-support (3.3.0)
    sinatra (1.4.6)
      rack (~> 1.4)
      rack-protection (~> 1.4)
      tilt (>= 1.3, < 3)
    thin (1.6.3)
      daemons (~> 1.0, >= 1.0.9)
      eventmachine (~> 1.0)
      rack (~> 1.0)
    tilt (2.0.1)

PLATFORMS
  ruby

DEPENDENCIES
  JobUpApp!
  JobUpScraper!
  bson_ext
  bundler (~> 1.3)
  json
  mongo
  nokogiri
  rack
  rack-test
  rake
  redis
  rspec
  thin
